PATH
  remote: .
  specs:
    pdfjs (1.0.0)

GEM
  remote: https://rubygems.org/
  specs:

PLATFORMS
  ruby

DEPENDENCIES
  pdfjs!

BUNDLED WITH
   2.1.4
